PATH
  remote: .
  specs:
    alpha_supps (0.1.0)
      launchy
      nokogiri

GEM
  remote: https://rubygems.org/
  specs:
    addressable (2.5.2)
      public_suffix (>= 2.0.2, < 4.0)
    coderay (1.1.2)
    launchy (2.4.3)
      addressable (~> 2.3)
    method_source (0.9.0)
    mini_portile2 (2.3.0)
    nokogiri (1.8.2)
      mini_portile2 (~> 2.3.0)
    pry (0.11.3)
      coderay (~> 1.1.0)
      method_source (~> 0.9.0)
    public_suffix (3.0.1)
    rake (10.5.0)

PLATFORMS
  ruby

DEPENDENCIES
  alpha_supps!
  bundler (~> 1.16)
  pry
  rake (~> 10.0)

BUNDLED WITH
   1.16.0
